GEM
  remote: http://rubygems.org/
  specs:
    eventmachine (1.0.3)
    json (1.8.1)

PLATFORMS
  ruby

DEPENDENCIES
  eventmachine
  json
