GEM
  remote: https://rubygems.org/
  specs:
    eventmachine (1.0.7)
    json (1.8.2)

PLATFORMS
  ruby

DEPENDENCIES
  eventmachine
  json
